GEM
  remote: https://rubygems.org/
  specs:
    CFPropertyList (2.2.8)
    activesupport (5.2.8)
      concurrent-ruby (~> 1.0, >= 1.0.2)
      i18n (>= 0.7, < 2)
      minitest (~> 5.1)
      tzinfo (~> 1.1)
    addressable (2.8.0)
      public_suffix (>= 2.0.2, < 5.0)
    artii (2.1.2)
    ast (2.4.2)
    awesome_print (1.9.2)
    concurrent-ruby (1.1.10)
    configatron (3.2.0)
    deep_merge (1.2.2)
    diff-lcs (1.5.0)
    diffy (3.4.2)
    facter (2.4.6-universal-darwin)
      CFPropertyList (~> 2.2.6)
    falkorlib (0.8.9)
      activesupport (~> 5.0)
      artii (>= 2.1)
      awesome_print (> 1.2)
      configatron (~> 3.0)
      deep_merge (~> 1.0)
      diffy (>= 3.0)
      facter (~> 2.4.1)
      git_remote_branch (~> 0)
      json (> 2.0)
      license-generator (~> 0)
      logger (>= 1.2.8)
      minigit (~> 0)
      rake (>= 12.3.3)
      term-ansicolor (> 1.3)
      thor (>= 1.0)
    fast_gettext (2.2.0)
    git_remote_branch (0.3.8)
    hiera (3.9.0)
    hocon (1.3.1)
    i18n (1.10.0)
      concurrent-ruby (~> 1.0)
    json (2.6.2)
    json-schema (3.0.0)
      addressable (>= 2.8)
    license-generator (0.4.1)
      thor
    locale (2.1.3)
    logger (1.5.1)
    metadata-json-lint (3.0.2)
      json-schema (>= 2.8, < 4.0)
      spdx-licenses (~> 1.0)
    minigit (0.0.4)
    minitest (5.16.1)
    mocha (1.14.0)
    multi_json (1.15.0)
    parallel (1.22.1)
    parser (3.1.2.0)
      ast (~> 2.4.1)
    pathspec (1.0.0)
    public_suffix (4.0.7)
    puppet (7.17.0-universal-darwin)
      CFPropertyList (~> 2.2)
      concurrent-ruby (~> 1.0)
      deep_merge (~> 1.0)
      facter (> 2.0.1, < 5)
      fast_gettext (>= 1.1, < 3)
      hiera (>= 3.2.1, < 4)
      locale (~> 2.1)
      multi_json (~> 1.10)
      puppet-resource_api (~> 1.5)
      scanf (~> 1.0)
      semantic_puppet (~> 1.0)
    puppet-lint (2.5.2)
    puppet-module-posix-default-r2.7 (0.5.3)
    puppet-resource_api (1.8.14)
      hocon (>= 1.0)
    puppet-syntax (3.2.1)
      puppet (>= 5)
      rake
    puppetlabs_spec_helper (4.0.1)
      mocha (~> 1.0)
      pathspec (>= 0.2.1, < 1.1.0)
      puppet-lint (~> 2.0)
      puppet-syntax (>= 2.0, < 4)
      rspec-puppet (~> 2.0)
    rainbow (3.1.1)
    rake (13.0.6)
    regexp_parser (2.5.0)
    rexml (3.2.5)
    rspec (3.11.0)
      rspec-core (~> 3.11.0)
      rspec-expectations (~> 3.11.0)
      rspec-mocks (~> 3.11.0)
    rspec-core (3.11.0)
      rspec-support (~> 3.11.0)
    rspec-expectations (3.11.0)
      diff-lcs (>= 1.2.0, < 2.0)
      rspec-support (~> 3.11.0)
    rspec-mocks (3.11.1)
      diff-lcs (>= 1.2.0, < 2.0)
      rspec-support (~> 3.11.0)
    rspec-puppet (2.11.1)
      rspec
    rspec-support (3.11.0)
    rubocop (1.31.1)
      json (~> 2.3)
      parallel (~> 1.10)
      parser (>= 3.1.0.0)
      rainbow (>= 2.2.2, < 4.0)
      regexp_parser (>= 1.8, < 3.0)
      rexml (>= 3.2.5, < 4.0)
      rubocop-ast (>= 1.18.0, < 2.0)
      ruby-progressbar (~> 1.7)
      unicode-display_width (>= 1.4.0, < 3.0)
    rubocop-ast (1.18.0)
      parser (>= 3.1.1.0)
    rubocop-i18n (3.0.0)
      rubocop (~> 1.0)
    rubocop-rspec (2.11.1)
      rubocop (~> 1.19)
    ruby-progressbar (1.11.0)
    scanf (1.0.0)
    semantic_puppet (1.0.4)
    spdx-licenses (1.3.0)
    sync (0.5.0)
    term-ansicolor (1.7.1)
      tins (~> 1.0)
    thor (1.2.1)
    thread_safe (0.3.6)
    tins (1.31.1)
      sync
    tzinfo (1.2.9)
      thread_safe (~> 0.1)
    unicode-display_width (2.2.0)

PLATFORMS
  x86_64-darwin-19

DEPENDENCIES
  falkorlib (>= 0.8)
  fast_gettext
  metadata-json-lint
  puppet
  puppet-module-posix-default-r2.7 (~> 0.4)
  puppet-module-win-default-r2.7 (~> 0.4)
  puppet-module-win-dev-r2.7 (~> 0.4)
  puppetlabs_spec_helper
  rb-readline (= 0.5.5)
  rubocop
  rubocop-i18n
  rubocop-rspec

BUNDLED WITH
   2.3.16
